GEM
  specs:
    minitest (5.3.4)

PLATFORMS
  ruby

DEPENDENCIES
  minitest
